GEM
  remote: https://rubygems.org/
  specs:
    coderay (1.1.1)
    configuration (1.3.4)
    discogs-wrapper (2.3.0)
      hashie (~> 3.0)
      httparty (~> 0.14)
      oauth (~> 0.5.1)
    eh (1.0.0)
    hashie (3.5.5)
    httparty (0.14.0)
      multi_xml (>= 0.5.2)
    itunes_parser (1.1.3)
      nokogiri-plist (~> 0.5)
    martinbtt-net-http-spy (0.1.2)
    method_source (0.8.2)
    mini_portile2 (2.1.0)
    multi_xml (0.6.0)
    nokogiri (1.7.2)
      mini_portile2 (~> 2.1.0)
    nokogiri-plist (0.5.0)
      nokogiri
    oauth (0.5.1)
    persistent-cache (1.0.2)
      eh (~> 1.0.0)
      persistent-cache-storage-api (~> 0.1.4)
      persistent-cache-storage-directory (~> 0.1.2)
      persistent-cache-storage-ram (~> 0.1.2)
      persistent-cache-storage-sqlite (~> 0.1.2)
    persistent-cache-storage-api (0.1.5)
    persistent-cache-storage-directory (0.1.2)
      persistent-cache-storage-api
    persistent-cache-storage-ram (0.1.2)
      eh
      persistent-cache-storage-api
    persistent-cache-storage-sqlite (0.1.2)
      eh
      persistent-cache-storage-api
      sqlite3 (= 1.3.10)
    pry (0.10.4)
      coderay (~> 1.1.0)
      method_source (~> 0.8.1)
      slop (~> 3.4)
    ruby-ole (1.2.12.1)
    slop (3.6.0)
    spreadsheet (1.1.4)
      ruby-ole (>= 1.0)
    sqlite3 (1.3.10)
    stringex (2.7.1)
    writeexcel (1.0.5)
    yell (2.0.7)

PLATFORMS
  ruby

DEPENDENCIES
  configuration
  discogs-wrapper
  itunes_parser
  martinbtt-net-http-spy
  persistent-cache
  pry
  spreadsheet
  stringex
  writeexcel
  yell

BUNDLED WITH
   1.14.6
